GEM
  remote: https://rubygems.org/
  specs:
    rake (10.1.0)
    xcpretty (0.1.3)

PLATFORMS
  ruby

DEPENDENCIES
  rake (~> 10.1.0)
  xcpretty
